GEM
  remote: https://rubygems.org/
  specs:
    coderay (1.1.0)
    diff-lcs (1.2.5)
    ffi (1.9.3-java)
    lock_jar (0.7.5)
      naether (~> 0.10.1)
      thor (~> 0.18.1)
    method_source (0.8.2)
    naether (0.10.1-java)
    pry (0.9.12.6-java)
      coderay (~> 1.0)
      method_source (~> 0.8)
      slop (~> 3.4)
      spoon (~> 0.0)
    rspec (2.14.1)
      rspec-core (~> 2.14.0)
      rspec-expectations (~> 2.14.0)
      rspec-mocks (~> 2.14.0)
    rspec-core (2.14.7)
    rspec-expectations (2.14.5)
      diff-lcs (>= 1.1.3, < 2.0)
    rspec-mocks (2.14.5)
    slop (3.4.7)
    spoon (0.0.4)
      ffi
    thor (0.18.1)

PLATFORMS
  java

DEPENDENCIES
  lock_jar
  pry
  rspec
